GEM
  remote: http://ruby.taobao.org/
  specs:
    eventmachine (1.0.0.beta.4)

PLATFORMS
  ruby

DEPENDENCIES
  eventmachine (= 1.0.0.beta.4)
