GEM
  remote: http://ruby.taobao.org/
  specs:
    eventmachine (0.12.10)

PLATFORMS
  ruby

DEPENDENCIES
  eventmachine
